GEM
  remote: https://rubygems.org/
  specs:
    ffi (1.16.3)
    image_processing (1.12.2)
      mini_magick (>= 4.9.5, < 5)
      ruby-vips (>= 2.0.17, < 3)
    memory_profiler (1.0.1)
    mini_magick (4.12.0)
    ruby-vips (2.2.0)
      ffi (~> 1.12)

PLATFORMS
  aarch64-linux

DEPENDENCIES
  image_processing (~> 1.2)
  memory_profiler

BUNDLED WITH
   2.2.33
